GEM
  remote: http://rubygems.org/
  specs:
    diff-lcs (1.1.3)
    git (1.2.5)
    hot_bunnies (1.3.8-java)
    httparty (0.9.0)
      multi_json (~> 1.0)
      multi_xml
    jeweler (1.8.4)
      bundler (~> 1.0)
      git (>= 1.2.5)
      rake
      rdoc
    json (1.7.5)
    json (1.7.5-java)
    macaddr (1.6.1)
      systemu (~> 2.5.0)
    multi_json (1.3.6)
    multi_xml (0.5.1)
    rake (0.9.2.2)
    rdoc (3.12)
      json (~> 1.4)
    rspec (2.11.0)
      rspec-core (~> 2.11.0)
      rspec-expectations (~> 2.11.0)
      rspec-mocks (~> 2.11.0)
    rspec-core (2.11.1)
    rspec-expectations (2.11.3)
      diff-lcs (~> 1.1.3)
    rspec-mocks (2.11.3)
    systemu (2.5.2)
    timecop (0.5.2)
    uuid (2.3.6)
      macaddr (~> 1.0)

PLATFORMS
  java
  ruby

DEPENDENCIES
  bundler (> 1.0.0)
  hot_bunnies
  httparty
  jeweler (~> 1.8.4)
  json
  rdoc (~> 3.12)
  rspec (>= 2.11.0)
  timecop
  uuid (= 2.3.6)
